GEM
  remote: https://rubygems.org/
  specs:
    concurrent-ruby (1.1.10)
    dotenv (2.8.1)
    dry-auto_inject (0.9.0)
      dry-container (>= 0.3.4)
    dry-configurable (0.15.0)
      concurrent-ruby (~> 1.0)
      dry-core (~> 0.6)
    dry-container (0.10.1)
      concurrent-ruby (~> 1.0)
    dry-core (0.8.1)
      concurrent-ruby (~> 1.0)
    dry-inflector (0.3.0)
    dry-system (0.25.0)
      concurrent-ruby (~> 1.0)
      dry-auto_inject (>= 0.4.0)
      dry-configurable (~> 0.14, >= 0.14.0)
      dry-container (~> 0.10, >= 0.10.0)
      dry-core (~> 0.5, >= 0.5)
      dry-inflector (~> 0.1, >= 0.1.2)
    zeitwerk (2.6.0)

PLATFORMS
  x86_64-linux

DEPENDENCIES
  dotenv (~> 2.4)
  dry-system (= 0.25)
  zeitwerk

RUBY VERSION
   ruby 3.1.2p20

BUNDLED WITH
   2.3.7
